NUGET
  remote: https://www.nuget.org/api/v2
    Extended.Wpf.Toolkit (1.5)
