NUGET
  remote: https://www.nuget.org/api/v2
    Extended.Wpf.Toolkit (1.5)
    ICSharpCode.TextEditor (3.2.1.6466)
